PATH
  remote: .
  specs:
    screen_minion (0.1.0)
      listen (~> 3.0)
      terminal-notifier (~> 1.5)

GEM
  remote: https://rubygems.org/
  specs:
    byebug (10.0.0)
    ffi (1.9.18)
    listen (3.1.5)
      rb-fsevent (~> 0.9, >= 0.9.4)
      rb-inotify (~> 0.9, >= 0.9.7)
      ruby_dep (~> 1.2)
    rake (10.5.0)
    rb-fsevent (0.10.2)
    rb-inotify (0.9.10)
      ffi (>= 0.5.0, < 2)
    ruby_dep (1.5.0)
    terminal-notifier (1.8.0)

PLATFORMS
  ruby

DEPENDENCIES
  bundler (~> 1.16)
  byebug (~> 10.0)
  rake (~> 10.0)
  screen_minion!

BUNDLED WITH
   1.16.1
